{"Manufacturer": "Siemens", "ManufacturersModelName": "Prisma_fit", "EchoTrainLength": 43, "AcquisitionNumber": 1, "InstitutionName": "USC", "InstitutionAddress": "McClintock_3520A_Los_Angeles_CA_US_90089", "DeviceSerialNumber": "67025", "SoftwareVersions": "syngo_MR_D13D", "ProcedureStepDescription": "Mara_Steve", "ScanningSequence": "EP", "SequenceVariant": "SK_OSP", "SeriesDescription": "MoCoSeries", "BodyPartExamined": "BRAIN", "ProtocolName": "training", "SequenceName": "_epfid2d1_64", "ImageType": ["ORIGINAL", "PRIMARY", "M", "ND", "NORM", "MOCO", "MOSAIC"], "AcquisitionTime": "14:45:37.357500", "MagneticFieldStrength": 3, "FlipAngle": 90, "EchoTime": 0.025, "RepetitionTime": 2, "PhaseEncodingLines": 64, "BandwidthPerPixelPhaseEncode": 43.879, "EffectiveEchoSpacing": 0.000356093, "TotalReadoutTime": 0.0299118, "AccelFactPE": 2, "TrueEchoSpacing": 0.000712186, "SliceTiming": [0], "PhaseEncodingDirection": "i", "ConversionSoftware": "dcm2niix", "ConversionSoftwareVersion": "v1.0.20170724 GCC4.4.7", "TaskName": "training"}