{
	"Manufacturer": "Siemens",
	"ManufacturersModelName": "Prisma_fit",
	"AcquisitionNumber": 1,
	"InstitutionName": "USC",
	"InstitutionAddress": "McClintock_3520A_Los_Angeles_CA_US_90089",
	"DeviceSerialNumber": "67025",
	"SoftwareVersions": "syngo_MR_D13D",
	"ProcedureStepDescription": "Mara_Steve",
	"ScanningSequence": "GR_IR",
	"SequenceVariant": "SK_SP_MP",
	"SeriesDescription": "t1_mprage_short_32channel",
	"BodyPartExamined": "BRAIN",
	"ProtocolName": "t1_mprage_short_32channel",
	"SequenceName": "_tfl3d1_16ns",
	"ImageType": ["ORIGINAL", "PRIMARY", "M", "ND", "NORM"],
	"AcquisitionTime": "11:45:32.615000",
	"MagneticFieldStrength": 3,
	"FlipAngle": 9,
	"EchoTime": 0.00226,
	"RepetitionTime": 2.3,
	"InversionTime": 1.06,
	"PhaseEncodingLines": 224,
	"AccelFactPE": 2,
	"PhaseEncodingDirection": "i-",
	"ConversionSoftware": "dcm2niix",
	"ConversionSoftwareVersion": "v1.0.20170724 GCC4.4.7"
}
