{"Manufacturer": "Siemens", "ManufacturersModelName": "Prisma_fit", "EchoTrainLength": 51, "AcquisitionNumber": 1, "InstitutionName": "USC", "InstitutionAddress": "McClintock_3520A_Los_Angeles_CA_US_90089", "DeviceSerialNumber": "67025", "SoftwareVersions": "syngo_MR_D13D", "ProcedureStepDescription": "Mara_Steve", "ScanningSequence": "EP", "SequenceVariant": "SK_OSP", "SeriesDescription": "wedge_shorter", "BodyPartExamined": "BRAIN", "ProtocolName": "wedge_shorter", "SequenceName": "_epfid2d1_78", "ImageType": ["ORIGINAL", "PRIMARY", "M", "ND", "NORM", "MOSAIC"], "AcquisitionTime": "10:36:28.410000", "MagneticFieldStrength": 3, "FlipAngle": 65, "EchoTime": 0.03, "RepetitionTime": 1.2, "PhaseEncodingLines": 78, "BandwidthPerPixelPhaseEncode": 35.613, "EffectiveEchoSpacing": 0.000359995, "TotalReadoutTime": 0.0363595, "AccelFactPE": 2, "TrueEchoSpacing": 0.000719991, "SliceTiming": [0.59, 0, 0.65, 0.06, 0.7075, 0.1175, 0.7675, 0.1775, 0.825, 0.235, 0.885, 0.295, 0.945, 0.355, 1.0025, 0.4125, 1.0625, 0.4725, 1.12, 0.53], "PhaseEncodingDirection": "i-", "ConversionSoftware": "dcm2niix", "ConversionSoftwareVersion": "v1.0.20170724 GCC4.4.7", "TaskName": "wedge"}