{"Manufacturer": "Siemens", "ManufacturersModelName": "Prisma_fit", "EchoTrainLength": 43, "AcquisitionNumber": 1, "InstitutionName": "USC", "InstitutionAddress": "McClintock_3520A_Los_Angeles_CA_US_90089", "DeviceSerialNumber": "67025", "SoftwareVersions": "syngo_MR_D13D", "ProcedureStepDescription": "Mara_Steve", "ScanningSequence": "EP", "SequenceVariant": "SK_OSP", "SeriesDescription": "training", "BodyPartExamined": "BRAIN", "ProtocolName": "training", "SequenceName": "_epfid2d1_64", "ImageType": ["ORIGINAL", "PRIMARY", "M", "ND", "NORM", "MOSAIC"], "AcquisitionTime": "14:41:19.615000", "MagneticFieldStrength": 3, "FlipAngle": 90, "EchoTime": 0.025, "RepetitionTime": 2, "PhaseEncodingLines": 64, "BandwidthPerPixelPhaseEncode": 43.879, "EffectiveEchoSpacing": 0.000356093, "TotalReadoutTime": 0.0299118, "AccelFactPE": 2, "TrueEchoSpacing": 0.000712186, "SliceTiming": [0.99, 0, 1.0425, 0.0525, 1.0925, 0.1025, 1.145, 0.155, 1.1975, 0.2075, 1.25, 0.26, 1.3025, 0.3125, 1.355, 0.365, 1.405, 0.415, 1.4575,