{"Manufacturer": "Siemens", "ManufacturersModelName": "Prisma_fit", "EchoTrainLength": 43, "AcquisitionNumber": 1, "InstitutionName": "USC", "InstitutionAddress": "McClintock_3520A_Los_Angeles_CA_US_90089", "DeviceSerialNumber": "67025", "SoftwareVersions": "syngo_MR_D13D", "ProcedureStepDescription": "Mara_Steve", "ScanningSequence": "EP", "SequenceVariant": "SK_OSP", "SeriesDescription": "training3", "BodyPartExamined": "BRAIN", "ProtocolName": "training3", "SequenceName": "_epfid2d1_64", "ImageType": ["ORIGINAL", "PRIMARY", "M", "ND", "NORM", "MOSAIC"], "AcquisitionTime": "12:01:34.705000", "MagneticFieldStrength": 3, "FlipAngle": 90, "EchoTime": 0.025, "RepetitionTime": 2, "PhaseEncodingLines": 64, "BandwidthPerPixelPhaseEncode": 43.879, "EffectiveEchoSpacing": 0.000356093, "TotalReadoutTime": 0.0299118, "AccelFactPE": 2, "TrueEchoSpacing": 0.000712186, "SliceTiming": [0.99, 0, 1.0425, 0.0525, 1.095, 0.105, 1.1475, 0.1575, 1.1975, 0.21, 1.25, 0.26, 1.3025, 0.3125, 1.355, 0.365, 1.4075, 0.4175, 1.46, 0.47, 1.5125, 0.5225, 1.5625, 0.5725, 1.615, 0.625, 1.6675, 0.6775, 1.72, 0.73, 1.7725, 0.7825, 1.825, 0.835, 1.875, 0.885, 1.9275, 0.9375], "PhaseEncodingDirection": "i", "ConversionSoftware": "dcm2niix", "ConversionSoftwareVersion": "v1.0.20170724 GCC4.4.7", "TaskName": "training"}